GEM
  specs:
    byebug (11.0.1)
    colorize (0.8.1)
    rack (2.0.7)
    zircon (0.0.8)

PLATFORMS
  ruby

DEPENDENCIES
  byebug
  colorize
  rack
  zircon

BUNDLED WITH
   2.0.2
