GIT
  remote: https://github.com/ezii123/ruby-irc.git
  revision: b40496d72d8fa8590375a85c5684deb45c3fcd70
  specs:
    zircon (0.0.8)

GEM
  remote: https://rubygems.org/
  specs:
    colorize (0.8.1)
    mustermann (1.0.3)
    rack (2.0.7)
    rack-protection (2.0.5)
      rack
    sinatra (2.0.5)
      mustermann (~> 1.0)
      rack (~> 2.0)
      rack-protection (= 2.0.5)
      tilt (~> 2.0)
    tilt (2.0.9)

PLATFORMS
  ruby

DEPENDENCIES
  colorize
  rack
  sinatra
  zircon!

BUNDLED WITH
   2.0.2
