GEM
  remote: https://rubygems.org/
  specs:
    colorize (0.8.1)
    rack (2.0.7)
    zircon (0.0.8)

PLATFORMS
  ruby

DEPENDENCIES
  colorize
  rack
  zircon

BUNDLED WITH
   2.0.2
